GEM
  remote: https://rubygems.org/
  specs:
    CFPropertyList (3.0.3)
    atomos (0.1.3)
    claide (1.0.3)
    colored2 (3.1.2)
    nanaimo (0.3.0)
    rexml (3.2.5)
    xcodeproj (1.21.0)
      CFPropertyList (>= 2.3.3, < 4.0)
      atomos (~> 0.1.3)
      claide (>= 1.0.2, < 2.0)
      colored2 (~> 3.1)
      nanaimo (~> 0.3.0)
      rexml (~> 3.2.4)
    zabel (1.0.4)
      xcodeproj (~> 1.19)

PLATFORMS
  ruby

DEPENDENCIES
  zabel

BUNDLED WITH
   2.1.4
